{
    "Modality": "MR",
    "MagneticFieldStrength": 3,
    "ImagingFrequency": 127.73088,
    "Manufacturer": "Philips",
    "ManufacturersModelName": "Achieva dStream",
    "InstitutionName": "University of Chicago",
    "InstitutionalDepartmentName": "BRIC 3T",
    "InstitutionAddress": "5835 S. Cottage Grove Ave",
    "DeviceSerialNumber": "24076",
    "StationName": "PHILIPS-EKUR50U",
    "BodyPartExamined": "BRAIN",
    "PatientPosition": "HFS",
    "SoftwareVersions": "5.7.1\\5.7.1.2",
    "MRAcquisitionType": "2D",
    "SeriesDescription": "EPI_blipA1",
    "ProtocolName": "WIP EPI_blipA1",
    "ScanningSequence": "GR",
    "SequenceVariant": "SK",
    "ScanOptions": "FS",
    "PulseSequenceName": "FEEPI",
    "ImageType": [
        "ORIGINAL",
        "PRIMARY",
        "M",
        "FFE",
        "M",
        "FFE"
    ],
    "SeriesNumber": 301,
    "AcquisitionNumber": 3,
    "PhilipsRWVSlope": 0.793895,
    "PhilipsRWVIntercept": 0,
    "PhilipsRescaleSlope": 0.793895,
    "PhilipsRescaleIntercept": 0,
    "PhilipsScaleSlope": 0.0154197,
    "UsePhilipsFloatNotDisplayScaling": 1,
    "SliceThickness": 3,
    "SpacingBetweenSlices": 3.6,
    "SAR": 0.0729859,
    "EchoTime": 0.028,
    "RepetitionTime": 2,
    "MTState": false,
    "FlipAngle": 77,
    "CoilString": "MULTI COIL",
    "PercentPhaseFOV": 100,
    "PercentSampling": 100,
    "EchoTrainLength": 31,
    "PhaseEncodingSteps": 62,
    "FrequencyEncodingSteps": 64,
    "PhaseEncodingStepsOutOfPlane": 1,
    "AcquisitionMatrixPE": 62,
    "ReconMatrixPE": 64,
    "ParallelReductionFactorInPlane": 2,
    "ParallelAcquisitionTechnique": "SENSE",
    "WaterFatShift": 8.06311,
    "EstimatedEffectiveEchoSpacing": 0.000285495,
    "EstimatedTotalReadoutTime": 0.0179862,
    "AcquisitionDuration": 12,
    "PixelBandwidth": 2764,
    "PhaseEncodingAxis": "j",
    "ImageOrientationPatientDICOM": [
        1,
        0,
        0,
        0,
        0.956446,
        -0.291908
    ],
    "InPlanePhaseEncodingDirectionDICOM": "COL",
    "BidsGuess": [
        "func",
        "_acq-SKGRFEEPIp20_run-301_bold"
    ],
    "ConversionSoftware": "dcm2niix",
    "ConversionSoftwareVersion": "v1.0.20240202",
    "Dcm2bidsVersion": "3.1.1",
    "IntendedFor": [
        "ses-1/func/sub-uu_ses-1_task-motor_run-1_bold.nii.gz",
        "ses-1/func/sub-uu_ses-1_task-motor_run-2_bold.nii.gz",
        "ses-1/func/sub-uu_ses-1_task-motor_run-3_bold.nii.gz"
    ],
    "PhaseEncodingDirection": "j",
    "TotalReadoutTime": 0.00152732
}