{
    "Modality": "MR",
    "MagneticFieldStrength": 3,
    "ImagingFrequency": 127.731024,
    "Manufacturer": "Philips",
    "ManufacturersModelName": "Achieva dStream",
    "InstitutionName": "University of Chicago",
    "InstitutionalDepartmentName": "BRIC 3T",
    "InstitutionAddress": "5835 S. Cottage Grove Ave",
    "DeviceSerialNumber": "24076",
    "StationName": "PHILIPS-EKUR50U",
    "BodyPartExamined": "BRAIN",
    "PatientPosition": "HFS",
    "SoftwareVersions": "5.7.1\\5.7.1.2",
    "MRAcquisitionType": "3D",
    "SeriesDescription": "MPRAGE",
    "ProtocolName": "WIP MPRAGE",
    "ScanningSequence": "GR",
    "SequenceVariant": "MP",
    "ScanOptions": "OTHER",
    "PulseSequenceName": "T1TFE",
    "ImageType": [
        "ORIGINAL",
        "PRIMARY",
        "M",
        "FFE",
        "M",
        "FFE"
    ],
    "SeriesNumber": 1101,
    "AcquisitionNumber": 11,
    "PhilipsRWVSlope": 3.03346,
    "PhilipsRWVIntercept": 0,
    "PhilipsRescaleSlope": 3.03346,
    "PhilipsRescaleIntercept": 0,
    "PhilipsScaleSlope": 0.00664792,
    "UsePhilipsFloatNotDisplayScaling": 1,
    "SliceThickness": 1,
    "SpacingBetweenSlices": 1,
    "SAR": 0.0181472,
    "EchoTime": 0.003131,
    "RepetitionTime": 0.0074,
    "MTState": false,
    "SpoilingState": true,
    "SpoilingType": "COMBINED",
    "FlipAngle": 8,
    "CoilString": "MULTI COIL",
    "PercentPhaseFOV": 95,
    "PercentSampling": 100,
    "EchoTrainLength": 228,
    "PhaseEncodingSteps": 240,
    "FrequencyEncodingSteps": 240,
    "PhaseEncodingStepsOutOfPlane": 175,
    "AcquisitionMatrixPE": 240,
    "ReconMatrixPE": 240,
    "ParallelAcquisitionTechnique": "SENSE",
    "ParallelReductionFactorOutOfPlane": 2,
    "WaterFatShift": 1.80107,
    "EstimatedEffectiveEchoSpacing": 1.72765e-05,
    "EstimatedTotalReadoutTime": 0.00412909,
    "AcquisitionDuration": 296.952,
    "PixelBandwidth": 241,
    "PhaseEncodingAxis": "i",
    "ImageOrientationPatientDICOM": [
        0,
        0.956446,
        -0.291908,
        0,
        -0.291908,
        -0.956446
    ],
    "InPlanePhaseEncodingDirectionDICOM": "ROW",
    "BidsGuess": [
        "anat",
        "_acq-MPGRT1TFE_run-1101_T1w"
    ],
    "ConversionSoftware": "dcm2niix",
    "ConversionSoftwareVersion": "v1.0.20240202",
    "Dcm2bidsVersion": "3.1.1"
}