{
    "Modality": "MR",
    "MagneticFieldStrength": 3,
    "ImagingFrequency": 127.73076,
    "Manufacturer": "Philips",
    "ManufacturersModelName": "Achieva dStream",
    "InstitutionName": "University of Chicago",
    "InstitutionalDepartmentName": "BRIC 3T",
    "InstitutionAddress": "5835 S. Cottage Grove Ave",
    "DeviceSerialNumber": "24076",
    "StationName": "PHILIPS-EKUR50U",
    "BodyPartExamined": "BRAIN",
    "PatientPosition": "HFS",
    "SoftwareVersions": "5.7.1\\5.7.1.2",
    "MRAcquisitionType": "2D",
    "SeriesDescription": "muscle_stimulation4",
    "ProtocolName": "muscle_stimulation4",
    "ScanningSequence": "GR",
    "SequenceVariant": "SK",
    "ScanOptions": "FS",
    "PulseSequenceName": "FEEPI",
    "ImageType": [
        "ORIGINAL",
        "PRIMARY",
        "M",
        "FFE",
        "M",
        "FFE"
    ],
    "SeriesNumber": 701,
    "AcquisitionNumber": 7,
    "PhilipsRWVSlope": 0.747253,
    "PhilipsRWVIntercept": 0,
    "PhilipsRescaleSlope": 0.747253,
    "PhilipsRescaleIntercept": 0,
    "PhilipsScaleSlope": 0.0201183,
    "UsePhilipsFloatNotDisplayScaling": 1,
    "SliceThickness": 3,
    "SpacingBetweenSlices": 3.6,
    "SAR": 0.0743811,
    "EchoTime": 0.028,
    "RepetitionTime": 2,
    "MTState": false,
    "FlipAngle": 77,
    "CoilString": "MULTI COIL",
    "PercentPhaseFOV": 100,
    "PercentSampling": 100,
    "EchoTrainLength": 31,
    "PhaseEncodingSteps": 62,
    "FrequencyEncodingSteps": 64,
    "PhaseEncodingStepsOutOfPlane": 1,
    "AcquisitionMatrixPE": 62,
    "ReconMatrixPE": 64,
    "ParallelReductionFactorInPlane": 2,
    "ParallelAcquisitionTechnique": "SENSE",
    "WaterFatShift": 8.06311,
    "EstimatedEffectiveEchoSpacing": 0.000285496,
    "EstimatedTotalReadoutTime": 0.0179862,
    "AcquisitionDuration": 611.908,
    "PixelBandwidth": 2764,
    "PhaseEncodingAxis": "j",
    "ImageOrientationPatientDICOM": [
        1,
        0,
        0,
        0,
        1,
        0
    ],
    "InPlanePhaseEncodingDirectionDICOM": "COL",
    "BidsGuess": [
        "func",
        "_acq-SKGRFEEPIp20_run-701_bold"
    ],
    "ConversionSoftware": "dcm2niix",
    "ConversionSoftwareVersion": "v1.0.20240202",
    "Dcm2bidsVersion": "3.1.1",
    "TaskName": "agency",
    "PhaseEncodingDirection": "j",
    "TotalReadoutTime": 0.00152732,
    "SliceEncodingDirection": "k",
    "SliceTiming": [
        0.0,
        0.05128205128205128,
        0.10256410256410256,
        0.15384615384615385,
        0.20512820512820512,
        0.2564102564102564,
        0.3076923076923077,
        0.358974358974359,
        0.41025641025641024,
        0.4615384615384615,
        0.5128205128205128,
        0.5641025641025641,
        0.6153846153846154,
        0.6666666666666666,
        0.717948717948718,
        0.7692307692307692,
        0.8205128205128205,
        0.8717948717948718,
        0.923076923076923,
        0.9743589743589743,
        1.0256410256410255,
        1.0769230769230769,
        1.1282051282051282,
        1.1794871794871795,
        1.2307692307692308,
        1.282051282051282,
        1.3333333333333333,
        1.3846153846153846,
        1.435897435897436,
        1.4871794871794872,
        1.5384615384615383,
        1.5897435897435896,
        1.641025641025641,
        1.6923076923076923,
        1.7435897435897436,
        1.7948717948717947,
        1.846153846153846,
        1.8974358974358974,
        1.9487179487179487
    ]
}